GEM
  remote: http://rubygems.org/
  specs:
    addressable (2.5.2)
      public_suffix (>= 2.0.2, < 4.0)
    adsf (1.3.0)
      rack (>= 1.0.0, < 3.0.0)
    builder (3.2.3)
    coderay (1.1.2)
    colored (1.2)
    concurrent-ruby (1.0.5)
    cri (2.10.1)
      colored (~> 1.2)
    daemons (1.2.5)
    ddplugin (1.0.1)
    eventmachine (1.2.5)
    fssm (0.2.10)
    hamster (3.0.0)
      concurrent-ruby (~> 1.0)
    htmlentities (4.3.4)
    kramdown (0.13.8)
    mime-types (1.25.1)
    mini_portile2 (2.3.0)
    multi_json (1.12.2)
    nanoc (4.8.12)
      addressable (~> 2.5)
      cri (~> 2.8)
      ddplugin (~> 1.0)
      hamster (~> 3.0)
      ref (~> 2.0)
      slow_enumerator_tools (~> 1.0)
    nokogiri (1.8.1)
      mini_portile2 (~> 2.3.0)
    public_suffix (3.0.1)
    pygments.rb (1.2.0)
      multi_json (>= 1.0.0)
    rack (2.0.3)
    rake (0.9.6)
    rdiscount (2.2.0.1)
    ref (2.0.0)
    slow_enumerator_tools (1.1.0)
    thin (1.7.2)
      daemons (~> 1.0, >= 1.0.9)
      eventmachine (~> 1.0, >= 1.0.4)
      rack (>= 1, < 3)
    yajl-ruby (1.3.1)

PLATFORMS
  ruby

DEPENDENCIES
  adsf
  builder
  coderay
  fssm
  htmlentities (~> 4.3.1)
  kramdown (~> 0.13.2)
  mime-types (~> 1.16)
  nanoc
  nokogiri
  pygments.rb
  rake (~> 0.9.2)
  rdiscount
  thin
  yajl-ruby (~> 1.3.1)

BUNDLED WITH
   1.13.6
